GEM
  remote: http://rubygems.org/
  specs:
    haml (3.0.25)
    json (1.4.6)
    rack (1.2.1)
    sinatra (1.2.3)
      rack (~> 1.1)
      tilt (>= 1.2.2, < 2.0)
    sqlite3 (1.3.3)
    sqlite3-ruby (1.3.3)
      sqlite3 (>= 1.3.3)
    tilt (1.2.2)

PLATFORMS
  ruby

DEPENDENCIES
  haml
  json
  sinatra
  sqlite3-ruby
