GEM
  remote: http://rubygems.org/
  specs:
    fastercsv (1.5.4)
    haml (3.0.25)
    json (1.4.6)
    rack (1.2.1)
    sinatra (1.2.3)
      rack (~> 1.1)
      tilt (>= 1.2.2, < 2.0)
    tilt (1.2.2)

PLATFORMS
  ruby

DEPENDENCIES
  fastercsv
  haml
  json
  sinatra
